PATH
  remote: .
  specs:
    cloudfront_asset_host (1.1.0)
      right_aws

GEM
  remote: http://rubygems.org/
  specs:
    abstract (1.0.0)
    actionpack (3.0.3)
      activemodel (= 3.0.3)
      activesupport (= 3.0.3)
      builder (~> 2.1.2)
      erubis (~> 2.6.6)
      i18n (~> 0.4)
      rack (~> 1.2.1)
      rack-mount (~> 0.6.13)
      rack-test (~> 0.5.6)
      tzinfo (~> 0.3.23)
    activemodel (3.0.3)
      activesupport (= 3.0.3)
      builder (~> 2.1.2)
      i18n (~> 0.4)
    activesupport (3.0.3)
    ansi (1.2.2)
    builder (2.1.2)
    erubis (2.6.6)
      abstract (>= 1.0.0)
    facets (2.8.4)
    i18n (0.5.0)
    mocha (0.9.8)
      rake
    rack (1.2.1)
    rack-mount (0.6.13)
      rack (>= 1.0.0)
    rack-test (0.5.7)
      rack (>= 1.0)
    rake (0.8.7)
    redgreen (1.2.2)
    right_aws (2.0.0)
      right_http_connection (>= 1.2.1)
    right_http_connection (1.2.4)
    shoulda (2.11.3)
    turn (0.7.0)
      ansi (>= 1.1.0)
      facets (>= 2.8.0)
    tzinfo (0.3.24)

PLATFORMS
  ruby

DEPENDENCIES
  actionpack (~> 3.0.3)
  activesupport (~> 3.0.3)
  cloudfront_asset_host!
  mocha
  redgreen
  right_aws
  shoulda
  turn
